GEM
  remote: http://rubygems.org/
  specs:
    activerecord (2.3.10)
      activesupport (= 2.3.10)
    activerecord-jdbc-adapter (0.9.7-java)
    activerecord-jdbcsqlite3-adapter (0.9.7-java)
      activerecord-jdbc-adapter (= 0.9.7)
      jdbc-sqlite3 (>= 3.6.3.054)
    activesupport (2.3.10)
    builder (2.1.2)
    cucumber (1.1.9)
      builder (>= 2.1.2)
      diff-lcs (>= 1.1.2)
      gherkin (~> 2.9.0)
      json (>= 1.4.6)
      term-ansicolor (>= 1.0.6)
    diff-lcs (1.1.3)
    gherkin (2.9.0)
      json (>= 1.4.6)
    gherkin (2.9.0-java)
      json (>= 1.4.6)
    git (1.2.5)
    jdbc-sqlite3 (3.7.2)
    jeweler (1.8.3)
      bundler (~> 1.0)
      git (>= 1.2.5)
      rake
      rdoc
    json (1.6.5)
    json (1.6.5-java)
    rake (0.9.2.2)
    rdoc (3.12)
      json (~> 1.4)
    rspec (2.3.0)
      rspec-core (~> 2.3.0)
      rspec-expectations (~> 2.3.0)
      rspec-mocks (~> 2.3.0)
    rspec-core (2.3.1)
    rspec-expectations (2.3.0)
      diff-lcs (~> 1.1.2)
    rspec-mocks (2.3.0)
    sqlite3 (1.3.5)
    sqlite3-ruby (1.3.3)
      sqlite3 (>= 1.3.3)
    term-ansicolor (1.0.7)

PLATFORMS
  java
  ruby

DEPENDENCIES
  activerecord (= 2.3.10)
  activerecord-jdbcsqlite3-adapter (~> 0.9.7)
  cucumber
  jdbc-sqlite3
  jeweler
  rspec (~> 2.3.0)
  sqlite3-ruby
